GEM
  remote: https://rubygems.org/
  specs:
    addressable (2.3.8)
    desk_api (0.6.1)
      addressable (>= 2.3, < 2.4)
      faraday (>= 0.8, < 1.0)
      simple_oauth (>= 0.1, < 0.3)
    faraday (0.9.2)
      multipart-post (>= 1.2, < 3)
    multipart-post (2.0.0)
    simple_oauth (0.2.0)
    thor (0.19.1)

PLATFORMS
  ruby

DEPENDENCIES
  desk_api
  thor
